PATH
  remote: .
  specs:
    cocina_display (0.1.0)
      cocina-models (~> 0.101)
      janeway-jsonpath (~> 0.6)

GEM
  remote: https://rubygems.org/
  specs:
    activesupport (8.0.2)
      base64
      benchmark (>= 0.3)
      bigdecimal
      concurrent-ruby (~> 1.0, >= 1.3.1)
      connection_pool (>= 2.2.5)
      drb
      i18n (>= 1.6, < 2)
      logger (>= 1.4.2)
      minitest (>= 5.1)
      securerandom (>= 0.3)
      tzinfo (~> 2.0, >= 2.0.5)
      uri (>= 0.13.1)
    addressable (2.8.7)
      public_suffix (>= 2.0.2, < 7.0)
    ast (2.4.3)
    attr_extras (7.1.0)
    base64 (0.3.0)
    benchmark (0.4.1)
    bigdecimal (3.2.2)
    cocina-models (0.103.2)
      activesupport
      deprecation
      dry-struct (~> 1.0)
      dry-types (~> 1.1)
      edtf
      equivalent-xml
      i18n
      jsonpath
      nokogiri
      openapi_parser (~> 1.0)
      super_diff
      thor
      zeitwerk (~> 2.1)
    concurrent-ruby (1.3.5)
    connection_pool (2.5.3)
    csv (3.3.5)
    date (3.4.1)
    deprecation (1.1.0)
      activesupport
    diff-lcs (1.6.2)
    domain_name (0.6.20240107)
    dot-properties (0.1.4)
      bundler (>= 2.2.33)
    drb (2.2.3)
    dry-core (1.1.0)
      concurrent-ruby (~> 1.0)
      logger
      zeitwerk (~> 2.6)
    dry-inflector (1.2.0)
    dry-logic (1.6.0)
      bigdecimal
      concurrent-ruby (~> 1.0)
      dry-core (~> 1.1)
      zeitwerk (~> 2.6)
    dry-struct (1.8.0)
      dry-core (~> 1.1)
      dry-types (~> 1.8, >= 1.8.2)
      ice_nine (~> 0.11)
      zeitwerk (~> 2.6)
    dry-types (1.8.3)
      bigdecimal (~> 3.0)
      concurrent-ruby (~> 1.0)
      dry-core (~> 1.0)
      dry-inflector (~> 1.0)
      dry-logic (~> 1.4)
      zeitwerk (~> 2.6)
    edtf (3.2.0)
      activesupport (>= 3.0, < 9.0)
    equivalent-xml (0.6.0)
      nokogiri (>= 1.4.3)
    erb (5.0.1)
    ffi (1.17.2-arm64-darwin)
    ffi-compiler (1.3.2)
      ffi (>= 1.15.5)
      rake
    hashie (5.0.0)
    http (5.3.1)
      addressable (~> 2.8)
      http-cookie (~> 1.0)
      http-form_data (~> 2.2)
      llhttp-ffi (~> 0.5.0)
    http-cookie (1.0.8)
      domain_name (~> 0.5)
    http-form_data (2.3.0)
    httpclient (2.9.0)
      mutex_m
    i18n (1.14.7)
      concurrent-ruby (~> 1.0)
    ice_nine (0.11.2)
    io-console (0.8.0)
    irb (1.15.2)
      pp (>= 0.6.0)
      rdoc (>= 4.0.0)
      reline (>= 0.4.2)
    janeway-jsonpath (0.6.0)
    json (2.12.2)
    jsonpath (1.1.5)
      multi_json
    language_server-protocol (3.17.0.5)
    lint_roller (1.1.0)
    llhttp-ffi (0.5.1)
      ffi-compiler (~> 1.0)
      rake (~> 13.0)
    logger (1.7.0)
    marc (1.3.0)
      nokogiri (~> 1.0)
      rexml
    marc-fastxmlwriter (1.1.0)
      marc (~> 1.0)
    minitest (5.25.5)
    multi_json (1.15.0)
    mutex_m (0.3.0)
    nokogiri (1.18.8-arm64-darwin)
      racc (~> 1.4)
    openapi_parser (1.0.0)
    optimist (3.2.1)
    parallel (1.27.0)
    parser (3.3.8.0)
      ast (~> 2.4.1)
      racc
    patience_diff (1.2.0)
      optimist (~> 3.0)
    pp (0.6.2)
      prettyprint
    prettyprint (0.2.0)
    prism (1.4.0)
    psych (5.2.6)
      date
      stringio
    public_suffix (6.0.2)
    racc (1.8.1)
    rainbow (3.1.1)
    rake (13.2.1)
    rdoc (6.14.0)
      erb
      psych (>= 4.0.0)
    regexp_parser (2.10.0)
    reline (0.6.1)
      io-console (~> 0.5)
    rexml (3.4.1)
    rspec (3.13.0)
      rspec-core (~> 3.13.0)
      rspec-expectations (~> 3.13.0)
      rspec-mocks (~> 3.13.0)
    rspec-core (3.13.3)
      rspec-support (~> 3.13.0)
    rspec-expectations (3.13.4)
      diff-lcs (>= 1.2.0, < 2.0)
      rspec-support (~> 3.13.0)
    rspec-mocks (3.13.4)
      diff-lcs (>= 1.2.0, < 2.0)
      rspec-support (~> 3.13.0)
    rspec-support (3.13.3)
    rubocop (1.75.7)
      json (~> 2.3)
      language_server-protocol (~> 3.17.0.2)
      lint_roller (~> 1.1.0)
      parallel (~> 1.10)
      parser (>= 3.3.0.2)
      rainbow (>= 2.2.2, < 4.0)
      regexp_parser (>= 2.9.3, < 3.0)
      rubocop-ast (>= 1.44.0, < 2.0)
      ruby-progressbar (~> 1.7)
      unicode-display_width (>= 2.4.0, < 4.0)
    rubocop-ast (1.44.1)
      parser (>= 3.3.7.2)
      prism (~> 1.4)
    rubocop-performance (1.25.0)
      lint_roller (~> 1.1)
      rubocop (>= 1.75.0, < 2.0)
      rubocop-ast (>= 1.38.0, < 2.0)
    ruby-progressbar (1.13.0)
    securerandom (0.4.1)
    slop (4.10.1)
    standard (1.50.0)
      language_server-protocol (~> 3.17.0.2)
      lint_roller (~> 1.0)
      rubocop (~> 1.75.5)
      standard-custom (~> 1.0.0)
      standard-performance (~> 1.8)
    standard-custom (1.0.2)
      lint_roller (~> 1.0)
      rubocop (~> 1.50)
    standard-performance (1.8.0)
      lint_roller (~> 1.1)
      rubocop-performance (~> 1.25.0)
    stringio (3.1.7)
    super_diff (0.15.0)
      attr_extras (>= 6.2.4)
      diff-lcs
      patience_diff
    thor (1.3.2)
    traject (3.8.3)
      concurrent-ruby (>= 0.8.0)
      csv
      dot-properties (>= 0.1.1)
      hashie (>= 3.1, < 6)
      http (>= 3.0, < 6)
      httpclient (~> 2.5)
      marc (~> 1.0)
      marc-fastxmlwriter (~> 1.0)
      mutex_m
      nokogiri (~> 1.9)
      slop (~> 4.0)
      yell
    tzinfo (2.0.6)
      concurrent-ruby (~> 1.0)
    unicode-display_width (3.1.4)
      unicode-emoji (~> 4.0, >= 4.0.4)
    unicode-emoji (4.0.4)
    uri (1.0.3)
    yell (2.2.2)
    zeitwerk (2.7.3)

PLATFORMS
  arm64-darwin-23

DEPENDENCIES
  cocina_display!
  irb
  rake (~> 13.0)
  rspec (~> 3.0)
  standard (~> 1.3)
  traject (~> 3)

BUNDLED WITH
   2.6.9
